GEM
  remote: https://rubygems.org/
  specs:
    rake (11.2.2)
    slack-notifier (1.5.1)

PLATFORMS
  ruby

DEPENDENCIES
  rake
  slack-notifier

BUNDLED WITH
   1.11.2
